GEM
  remote: https://rubygems.org/
  specs:
    handlebars (0.8.0)
      handlebars-source (~> 4.0.5)
      therubyracer (~> 0.12.1)
    handlebars-source (4.0.14)
    libv8 (3.16.14.19)
    pdfkit (0.8.4.1)
    rake (12.3.2)
    redcarpet (3.4.0)
    ref (2.0.0)
    therubyracer (0.12.3)
      libv8 (~> 3.16.14.15)
      ref
    wkhtmltopdf-binary-edge (0.12.5.0)

PLATFORMS
  ruby

DEPENDENCIES
  handlebars
  pdfkit
  rake
  redcarpet
  wkhtmltopdf-binary-edge

BUNDLED WITH
   2.0.1
